GEM
  remote: http://rubygems.org/
  specs:
    fakeweb (1.3.0)
    git (1.2.5)
    jeweler (1.6.4)
      bundler (~> 1.0)
      git (>= 1.2.5)
      rake
    nokogiri (1.5.0)
    rake (0.9.2.2)
    rcov (0.9.11)
    rspec (1.3.2)
    shoulda (2.11.3)

PLATFORMS
  ruby

DEPENDENCIES
  bundler (~> 1.0.0)
  fakeweb
  jeweler (~> 1.6.4)
  nokogiri
  rcov
  rspec (= 1.3.2)
  shoulda
